GEM
  remote: http://rubygems.org/
  specs:
    RedCloth (4.2.9)
    albino (1.3.3)
      posix-spawn (>= 0.3.6)
    blankslate (3.1.2)
    chunky_png (1.2.9)
    classifier (1.3.3)
      fast-stemmer (>= 1.0.0)
    compass (0.12.2)
      chunky_png (~> 1.2)
      fssm (>= 0.2.7)
      sass (~> 3.1)
    css_press (0.3.2)
      csspool-st (= 3.1.2)
      json
    csspool-st (3.1.2)
    directory_watcher (1.5.1)
    execjs (2.0.2)
    fast-stemmer (1.0.2)
    ffi (1.0.11)
    fssm (0.2.10)
    haml (3.1.8)
    html_press (0.8.2)
      htmlentities
      multi_css (>= 0.1.0)
      multi_js (>= 0.1.0)
    htmlentities (4.3.1)
    jekyll (0.11.2)
      albino (~> 1.3)
      classifier (~> 1.3)
      directory_watcher (~> 1.1)
      kramdown (~> 0.13)
      liquid (~> 2.3)
      maruku (~> 0.5)
    jekyll-press (0.2.1)
      html_press (>= 0.8.2)
      jekyll
      multi_css (>= 0.1.0)
      multi_js (>= 0.1.0)
    json (1.8.1)
    kramdown (0.14.2)
    libv8 (3.11.8.17)
    liquid (2.3.0)
    maruku (0.7.0)
    multi_css (0.1.0)
      css_press
    multi_js (0.1.0)
      uglifier (~> 2)
    posix-spawn (0.3.8)
    pygments.rb (0.2.13)
      rubypython (~> 0.5.3)
    rack (1.4.5)
    rack-protection (1.5.1)
      rack
    rake (0.9.6)
    rb-fsevent (0.9.3)
    rdiscount (1.6.8)
    ref (1.0.5)
    rubypants (0.2.0)
    rubypython (0.5.3)
      blankslate (>= 2.1.2.3)
      ffi (~> 1.0.7)
    sass (3.2.12)
    sinatra (1.3.6)
      rack (~> 1.4)
      rack-protection (~> 1.3)
      tilt (~> 1.3, >= 1.3.3)
    stringex (1.4.0)
    therubyracer (0.11.4)
      libv8 (~> 3.11.8.12)
      ref
    tilt (1.4.1)
    uglifier (2.3.3)
      execjs (>= 0.3.0)
      json (>= 1.8.0)

PLATFORMS
  ruby

DEPENDENCIES
  RedCloth (~> 4.2.9)
  compass (~> 0.12.1)
  haml (~> 3.1.6)
  jekyll (~> 0.11.2)
  jekyll-press
  libv8 (~> 3.11.8)
  liquid (~> 2.3.0)
  pygments.rb (~> 0.2.12)
  rack (~> 1.4.1)
  rake (~> 0.9.2)
  rb-fsevent (~> 0.9)
  rdiscount (~> 1.6.8)
  rubypants (~> 0.2.0)
  sinatra (~> 1.3.2)
  stringex (~> 1.4.0)
  therubyracer
